GEM
  remote: https://rubygems.org/
  specs:
    diff-lcs (1.2.5)
    geocoder (1.2.9)
    geokit (1.9.0)
      multi_json (>= 1.3.2)
    multi_json (1.11.2)
    redis (3.2.1)
    rspec (3.3.0)
      rspec-core (~> 3.3.0)
      rspec-expectations (~> 3.3.0)
      rspec-mocks (~> 3.3.0)
    rspec-core (3.3.2)
      rspec-support (~> 3.3.0)
    rspec-expectations (3.3.1)
      diff-lcs (>= 1.2.0, < 2.0)
      rspec-support (~> 3.3.0)
    rspec-mocks (3.3.2)
      diff-lcs (>= 1.2.0, < 2.0)
      rspec-support (~> 3.3.0)
    rspec-support (3.3.0)
    thread_safe (0.3.5)
    timezone (0.4.1)
    tzinfo (1.2.2)
      thread_safe (~> 0.1)
    tzinfo-data (1.2015.5)
      tzinfo (>= 1.0.0)

PLATFORMS
  ruby

DEPENDENCIES
  geocoder
  geokit
  redis
  rspec
  timezone
  tzinfo
  tzinfo-data

BUNDLED WITH
   1.10.4
