GEM
  remote: https://rubygems.org/
  specs:
    diff-lcs (1.2.5)
    geokit (1.9.0)
      multi_json (>= 1.3.2)
    multi_json (1.11.2)
    rspec (3.3.0)
      rspec-core (~> 3.3.0)
      rspec-expectations (~> 3.3.0)
      rspec-mocks (~> 3.3.0)
    rspec-core (3.3.2)
      rspec-support (~> 3.3.0)
    rspec-expectations (3.3.1)
      diff-lcs (>= 1.2.0, < 2.0)
      rspec-support (~> 3.3.0)
    rspec-mocks (3.3.2)
      diff-lcs (>= 1.2.0, < 2.0)
      rspec-support (~> 3.3.0)
    rspec-support (3.3.0)
    timezone (0.4.1)

PLATFORMS
  ruby

DEPENDENCIES
  geokit
  rspec
  timezone

BUNDLED WITH
   1.10.4
